GEM
  remote: https://rubygems.org/
  specs:
    concurrent-ruby (1.2.2)
    execjs (2.9.1)
    ffi (1.16.0)
    m (1.6.2)
      method_source (>= 0.6.7)
      rake (>= 0.9.2.2)
    method_source (1.0.0)
    minitest (5.20.0)
    mustermann (3.0.0)
      ruby2_keywords (~> 0.0.1)
    nio4r (2.5.9)
    puma (6.4.0)
      nio4r (~> 2.0)
    rack (2.2.8)
    rack-protection (3.1.0)
      rack (~> 2.2, >= 2.2.4)
    rake (13.0.6)
    ruby2_keywords (0.0.5)
    sassc (2.4.0)
      ffi (~> 1.9)
    sinatra (3.1.0)
      mustermann (~> 3.0)
      rack (~> 2.2, >= 2.2.4)
      rack-protection (= 3.1.0)
      tilt (~> 2.0)
    sprockets (4.2.1)
      concurrent-ruby (~> 1.0)
      rack (>= 2.2.4, < 4)
    tilt (2.3.0)
    uglifier (4.2.0)
      execjs (>= 0.3.0, < 3)

PLATFORMS
  ruby

DEPENDENCIES
  m (~> 1.6.2)
  minitest (~> 5.20.0)
  puma (~> 6.4.0)
  rake (~> 13.0.6)
  sassc (~> 2.4.0)
  sinatra (~> 3.1.0)
  sprockets (~> 4.2.1)
  uglifier (~> 4.2.0)

BUNDLED WITH
   2.4.19
