GEM
  remote: https://rubygems.org/
  specs:
    concurrent-ruby (1.1.5)
    execjs (2.7.0)
    ffi (1.15.5)
    m (1.5.1)
      method_source (>= 0.6.7)
      rake (>= 0.9.2.2)
    method_source (0.9.2)
    minitest (5.20.0)
    mustermann (3.0.0)
      ruby2_keywords (~> 0.0.1)
    nio4r (2.5.9)
    puma (6.3.1)
      nio4r (~> 2.0)
    rack (2.2.7)
    rack-protection (3.1.0)
      rack (~> 2.2, >= 2.2.4)
    rake (13.0.1)
    ruby2_keywords (0.0.5)
    sassc (2.4.0)
      ffi (~> 1.9)
    sinatra (3.1.0)
      mustermann (~> 3.0)
      rack (~> 2.2, >= 2.2.4)
      rack-protection (= 3.1.0)
      tilt (~> 2.0)
    sprockets (4.0.0)
      concurrent-ruby (~> 1.0)
      rack (> 1, < 3)
    tilt (2.3.0)
    uglifier (4.2.0)
      execjs (>= 0.3.0, < 3)

PLATFORMS
  ruby

DEPENDENCIES
  m (~> 1.0)
  minitest (~> 5.20.0)
  puma (~> 6.3.1)
  rake (~> 13.0)
  sassc (~> 2.4.0)
  sinatra (~> 3.1.0)
  sprockets (~> 4.0)
  uglifier (~> 4.0)

BUNDLED WITH
   2.1.4
