GEM
  remote: https://rubygems.org/
  specs:
    bitters (2.0.3)
      thor (~> 0.19)
    bourbon (6.0.0)
      thor (~> 0.19)
    concurrent-ruby (1.1.5)
    execjs (2.7.0)
    ffi (1.12.1)
    mustermann (1.1.1)
      ruby2_keywords (~> 0.0.1)
    neat (4.0.0)
      thor (~> 0.19)
    rack (2.1.1)
    rack-protection (2.0.8.1)
      rack
    rouge (3.15.0)
    ruby2_keywords (0.0.2)
    sassc (2.2.1)
      ffi (~> 1.9)
    sinatra (2.0.8.1)
      mustermann (~> 1.0)
      rack (~> 2.0)
      rack-protection (= 2.0.8.1)
      tilt (~> 2.0)
    sprockets (4.0.0)
      concurrent-ruby (~> 1.0)
      rack (> 1, < 3)
    thor (0.20.3)
    tilt (2.0.10)
    uglifier (4.2.0)
      execjs (>= 0.3.0, < 3)

PLATFORMS
  ruby

DEPENDENCIES
  bitters (~> 2.0)
  bourbon (~> 6.0)
  neat (~> 4.0)
  rouge
  sassc (~> 2.0)
  sinatra (~> 2.0)
  sprockets (~> 4.0)
  uglifier (~> 4.0)

BUNDLED WITH
   2.1.2
