GEM
  remote: https://rubygems.org/
  specs:
    concurrent-ruby (1.1.5)
    date (3.0.0)
    dotenv (2.7.5)
    execjs (2.7.0)
    ffi (1.12.1)
    gdbm (2.1.0)
    hashids (1.0.5)
    lockbox (0.3.1)
    m (1.5.1)
      method_source (>= 0.6.7)
      rake (>= 0.9.2.2)
    method_source (0.9.2)
    minitest (5.14.0)
    mustermann (1.1.1)
      ruby2_keywords (~> 0.0.1)
    rack (2.2.3)
    rack-protection (2.0.8.1)
      rack
    rake (13.0.1)
    ruby2_keywords (0.0.2)
    sassc (2.2.1)
      ffi (~> 1.9)
    sinatra (2.0.8.1)
      mustermann (~> 1.0)
      rack (~> 2.0)
      rack-protection (= 2.0.8.1)
      tilt (~> 2.0)
    sprockets (4.0.0)
      concurrent-ruby (~> 1.0)
      rack (> 1, < 3)
    tilt (2.0.10)
    uglifier (4.2.0)
      execjs (>= 0.3.0, < 3)

PLATFORMS
  ruby

DEPENDENCIES
  date (~> 3.0)
  dotenv (~> 2.0)
  gdbm (~> 2.0)
  hashids (~> 1.0)
  lockbox (~> 0.0)
  m (~> 1.0)
  minitest (~> 5.0)
  rake (~> 13.0)
  sassc (~> 2.0)
  sinatra (~> 2.0)
  sprockets (~> 4.0)
  uglifier (~> 4.0)

BUNDLED WITH
   2.1.4
